GEM
  remote: https://rubygems.org/
  specs:
    addressable (2.7.0)
      public_suffix (>= 2.0.2, < 5.0)
    adsf (1.4.5)
      rack (>= 1.0.0, < 3.0.0)
    colored (1.2)
    concurrent-ruby (1.1.7)
    cri (2.15.11)
    ddmemoize (1.0.0)
      ddmetrics (~> 1.0)
      ref (~> 2.0)
    ddmetrics (1.0.1)
    ddplugin (1.0.3)
    diff-lcs (1.4.4)
    hamster (3.0.0)
      concurrent-ruby (~> 1.0)
    json_schema (0.20.9)
    kramdown (2.3.1)
      rexml
    nanoc (4.11.22)
      addressable (~> 2.5)
      colored (~> 1.2)
      nanoc-checking (~> 1.0)
      nanoc-cli (= 4.11.22)
      nanoc-core (= 4.11.22)
      nanoc-deploying (~> 1.0)
      parallel (~> 1.12)
      tty-command (~> 0.8)
      tty-which (~> 0.4)
    nanoc-checking (1.0.1)
      nanoc-cli (~> 4.11, >= 4.11.15)
      nanoc-core (~> 4.11, >= 4.11.15)
    nanoc-cli (4.11.22)
      cri (~> 2.15)
      diff-lcs (~> 1.3)
      nanoc-core (= 4.11.22)
      zeitwerk (~> 2.1)
    nanoc-core (4.11.22)
      concurrent-ruby (~> 1.1)
      ddmemoize (~> 1.0)
      ddmetrics (~> 1.0)
      ddplugin (~> 1.0)
      hamster (~> 3.0)
      json_schema (~> 0.19)
      slow_enumerator_tools (~> 1.0)
      tomlrb (~> 1.2)
      tty-platform (~> 0.2)
      zeitwerk (~> 2.1)
    nanoc-deploying (1.0.1)
      nanoc-checking (~> 1.0)
      nanoc-cli (~> 4.11, >= 4.11.15)
      nanoc-core (~> 4.11, >= 4.11.15)
    parallel (1.20.1)
    pastel (0.8.0)
      tty-color (~> 0.5)
    public_suffix (4.0.6)
    rack (2.2.6.4)
    ref (2.0.0)
    rexml (3.2.5)
    slow_enumerator_tools (1.1.0)
    tomlrb (1.3.0)
    tty-color (0.6.0)
    tty-command (0.10.0)
      pastel (~> 0.8)
    tty-platform (0.3.0)
    tty-which (0.4.2)
    zeitwerk (2.4.2)

PLATFORMS
  ruby
  x64-mingw32

DEPENDENCIES
  adsf
  kramdown
  nanoc (~> 4.11)

BUNDLED WITH
   2.2.4
